PATH
  remote: .
  specs:
    mdopen (0.1.0)
      os (~> 1.0)
      redcarpet (~> 3.4)
      tilt (~> 2.0)

GEM
  remote: https://rubygems.org/
  specs:
    os (1.1.1)
    rake (13.0.3)
    redcarpet (3.5.1)
    tilt (2.0.10)

PLATFORMS
  ruby

DEPENDENCIES
  bundler (~> 1.16)
  mdopen!
  rake (~> 13.0)

BUNDLED WITH
   1.16.2
